GEM
  remote: http://rubygems.org/
  specs:
    aaronh-chronic (0.3.9)
    activesupport (3.0.7)
    faraday (0.8.6)
      multipart-post (~> 1.1)
    i18n (0.6.0)
    multi_json (1.7.2)
    multipart-post (1.2.0)
    rack (1.3.0)
    redis (2.2.0)
    simple_oauth (0.2.0)
    sinatra (1.2.6)
      rack (~> 1.1)
      tilt (>= 1.2.2, < 2.0)
    tilt (1.3.2)
    twitter (4.6.2)
      faraday (~> 0.8, < 0.10)
      multi_json (~> 1.0)
      simple_oauth (~> 0.2)
    whenever (0.6.8)
      aaronh-chronic (>= 0.3.9)
      activesupport (>= 2.3.4)

PLATFORMS
  ruby

DEPENDENCIES
  i18n
  redis
  sinatra
  twitter (>= 4.0)
  whenever
