GEM
  remote: http://rubygems.org/
  specs:
    aaronh-chronic (0.3.9)
    activesupport (3.0.7)
    addressable (2.2.6)
    faraday (0.6.1)
      addressable (~> 2.2.4)
      multipart-post (~> 1.1.0)
      rack (>= 1.1.0, < 2)
    faraday_middleware (0.6.3)
      faraday (~> 0.6.0)
    hashie (1.0.0)
    i18n (0.6.0)
    multi_json (1.0.3)
    multi_xml (0.2.2)
    multipart-post (1.1.2)
    rack (1.3.0)
    rash (0.3.0)
      hashie (~> 1.0.0)
    redis (2.2.0)
    simple_oauth (0.1.5)
    sinatra (1.2.6)
      rack (~> 1.1)
      tilt (>= 1.2.2, < 2.0)
    tilt (1.3.2)
    twitter (1.5.0)
      faraday (~> 0.6.1)
      faraday_middleware (~> 0.6.3)
      hashie (~> 1.0.0)
      multi_json (~> 1.0.0)
      multi_xml (~> 0.2.0)
      rash (~> 0.3.0)
      simple_oauth (~> 0.1.5)
    whenever (0.6.8)
      aaronh-chronic (>= 0.3.9)
      activesupport (>= 2.3.4)

PLATFORMS
  ruby

DEPENDENCIES
  i18n
  redis
  sinatra
  twitter
  whenever
